GIT
  remote: git://github.com/NREL/OpenStudio-analysis-gem.git
  revision: e00a1b4ada8ef9f2be0dfdc33c59a28dde9bcf94
  branch: develop
  specs:
    openstudio-analysis (0.4.2)
      bcl (~> 0.5.5)
      faraday (~> 0.8)
      roo (~> 1.12)
      rubyzip (~> 1.0)
      semantic (~> 1.3)

GIT
  remote: git://github.com/NREL/OpenStudio-workflow-gem.git
  revision: 66ff440f870d807edbef5efaccf4cbba28b178a7
  branch: EnergyPlus-8.2.0
  specs:
    openstudio-workflow (0.1.0)
      colored (~> 1.2)
      facter (>= 2.0)
      multi_json (~> 1.10.0)
      rubyXL (~> 3.3.0)
      rubyzip (~> 1.1.6)

GEM
  remote: http://rubygems.org/
  specs:
    CFPropertyList (2.2.8)
    archive-tar-minitar (0.5.2)
    aws-sdk-core (2.0.0.rc14)
      builder (~> 3.0)
      jamespath (~> 0)
      multi_json (~> 1.0)
      multi_xml (~> 0.5)
    bcl (0.5.5)
      archive-tar-minitar
      builder
      faraday
      multi_json
      nokogiri
      roo
      rubyXL
      rubyzip
      uuid
      yamler
      zliby
    builder (3.2.2)
    colored (1.2)
    facter (2.4.1)
      CFPropertyList (~> 2.2.6)
    facter (2.4.1-x64-mingw32)
      ffi (~> 1.9.5)
      win32-dir (~> 0.4.8)
      win32-security (~> 0.2.5)
    faraday (0.9.1)
      multipart-post (>= 1.2, < 3)
    ffi (1.9.8-x64-mingw32)
    git (1.2.9.1)
    jamespath (0.5.1)
    macaddr (1.7.1)
      systemu (~> 2.6.2)
    mini_portile (0.6.2)
    multi_json (1.10.1)
    multi_xml (0.5.5)
    multipart-post (2.0.0)
    net-scp (1.2.1)
      net-ssh (>= 2.6.5)
    net-ssh (2.9.2)
    nokogiri (1.6.6.2)
      mini_portile (~> 0.6.0)
    nokogiri (1.6.6.2-x64-mingw32)
      mini_portile (~> 0.6.0)
    openstudio-aws (0.2.5)
      aws-sdk-core (= 2.0.0.rc14)
      net-scp (~> 1.1)
      semantic (~> 1.3)
    rake (10.4.2)
    roo (1.13.2)
      nokogiri
      rubyzip
      spreadsheet (> 0.6.4)
    ruby-ole (1.2.11.8)
    rubyXL (3.3.6)
      nokogiri (>= 1.4.4)
      rubyzip (>= 1.1.6)
    rubyzip (1.1.7)
    semantic (1.4.0)
    spreadsheet (1.0.1)
      ruby-ole (>= 1.0)
    systemu (2.6.4)
    uuid (2.3.7)
      macaddr (~> 1.0)
    win32-dir (0.4.9)
      ffi (>= 1.0.0)
    win32-security (0.2.5)
      ffi
    yamler (0.1.0)
    zliby (0.0.5)

PLATFORMS
  ruby
  x64-mingw32

DEPENDENCIES
  colored (~> 1.2)
  git
  openstudio-analysis!
  openstudio-aws (= 0.2.5)
  openstudio-workflow!
  rake (~> 10.4.2)
  rubyzip
